PATH
  remote: .
  specs:
    rbtrace (0.4.9)
      ffi (>= 1.0.6)
      msgpack (>= 0.4.3)
      trollop (>= 1.16.2)

GEM
  remote: https://rubygems.org/
  specs:
    ffi (1.9.18)
    msgpack (1.2.0)
    trollop (2.1.2)

PLATFORMS
  ruby

DEPENDENCIES
  rbtrace!

BUNDLED WITH
   1.16.1
